GEM
  remote: https://rubygems.org/
  specs:
    archive-tar-minitar (0.5.2)
    commander (4.1.5)
      highline (~> 1.6.11)
    diff-lcs (1.2.5)
    highline (1.6.20)
    httpclient (2.3.4.1)
    net-ssh (2.7.0)
    net-ssh-gateway (1.2.0)
      net-ssh (>= 2.6.5)
    net-ssh-multi (1.2.0)
      net-ssh (>= 2.6.5)
      net-ssh-gateway (>= 1.2.0)
    open4 (1.3.0)
    rake (0.9.2.2)
    rhc (1.16.9)
      archive-tar-minitar
      commander (>= 4.0)
      highline (~> 1.6.11)
      httpclient (>= 2.2)
      net-ssh (>= 2.0.11)
      net-ssh-multi (>= 1.2.0)
      open4
    rspec (2.14.1)
      rspec-core (~> 2.14.0)
      rspec-expectations (~> 2.14.0)
      rspec-mocks (~> 2.14.0)
    rspec-core (2.14.7)
    rspec-expectations (2.14.4)
      diff-lcs (>= 1.1.3, < 2.0)
    rspec-mocks (2.14.4)

PLATFORMS
  x86-mingw32

DEPENDENCIES
  net-ssh
  rake
  rhc
  rspec
